GEM
  specs:
    CFPropertyList (2.3.5)
    addressable (2.5.1)
      public_suffix (~> 2.0, >= 2.0.2)
    babosa (1.0.2)
    claide (1.0.2)
    colored (1.2)
    colored2 (3.1.2)
    commander-fastlane (4.4.4)
      highline (~> 1.7.2)
    domain_name (0.5.20170404)
      unf (>= 0.0.5, < 1.0.0)
    dotenv (2.2.1)
    excon (0.56.0)
    faraday (0.12.1)
      multipart-post (>= 1.2, < 3)
    faraday-cookie_jar (0.0.6)
      faraday (>= 0.7.4)
      http-cookie (~> 1.0.0)
    faraday_middleware (0.11.0.1)
      faraday (>= 0.7.4, < 1.0)
    fastimage (2.1.0)
    fastlane (2.37.0)
      CFPropertyList (>= 2.3, < 3.0.0)
      addressable (>= 2.3, < 3.0.0)
      babosa (>= 1.0.2, < 2.0.0)
      bundler (>= 1.12.0, < 2.0.0)
      colored
      commander-fastlane (>= 4.4.0, < 5.0.0)
      dotenv (>= 2.1.1, < 3.0.0)
      excon (>= 0.45.0, < 1.0.0)
      faraday (~> 0.9)
      faraday-cookie_jar (~> 0.0.6)
      faraday_middleware (~> 0.9)
      fastimage (>= 1.6)
      gh_inspector (>= 1.0.1, < 2.0.0)
      google-api-client (~> 0.9.2)
      highline (>= 1.7.2, < 2.0.0)
      json (< 3.0.0)
      mini_magick (~> 4.5.1)
      multi_json
      multi_xml (~> 0.5)
      multipart-post (~> 2.0.0)
      plist (>= 3.1.0, < 4.0.0)
      rubyzip (>= 1.1.0, < 2.0.0)
      security (= 0.1.3)
      slack-notifier (>= 1.3, < 2.0.0)
      terminal-notifier (>= 1.6.2, < 2.0.0)
      terminal-table (>= 1.4.5, < 2.0.0)
      tty-screen (~> 0.5.0)
      word_wrap (~> 1.0.0)
      xcodeproj (>= 1.4.4, < 2.0.0)
      xcpretty (>= 0.2.4, < 1.0.0)
      xcpretty-travis-formatter (>= 0.0.3)
    gh_inspector (1.0.3)
    google-api-client (0.9.28)
      addressable (~> 2.3)
      googleauth (~> 0.5)
      httpclient (~> 2.7)
      hurley (~> 0.1)
      memoist (~> 0.11)
      mime-types (>= 1.6)
      representable (~> 2.3.0)
      retriable (~> 2.0)
    googleauth (0.5.1)
      faraday (~> 0.9)
      jwt (~> 1.4)
      logging (~> 2.0)
      memoist (~> 0.12)
      multi_json (~> 1.11)
      os (~> 0.9)
      signet (~> 0.7)
    highline (1.7.8)
    http-cookie (1.0.3)
      domain_name (~> 0.5)
    httpclient (2.8.3)
    hurley (0.2)
    json (2.1.0)
    jwt (1.5.6)
    little-plugger (1.1.4)
    logging (2.2.2)
      little-plugger (~> 1.1)
      multi_json (~> 1.10)
    memoist (0.15.0)
    mime-types (3.1)
      mime-types-data (~> 3.2015)
    mime-types-data (3.2016.0521)
    mini_magick (4.5.1)
    multi_json (1.12.1)
    multi_xml (0.6.0)
    multipart-post (2.0.0)
    nanaimo (0.2.3)
    os (0.9.6)
    plist (3.3.0)
    public_suffix (2.0.5)
    representable (2.3.0)
      uber (~> 0.0.7)
    retriable (2.1.0)
    rouge (2.0.7)
    rubyzip (1.2.1)
    security (0.1.3)
    signet (0.7.3)
      addressable (~> 2.3)
      faraday (~> 0.9)
      jwt (~> 1.5)
      multi_json (~> 1.10)
    slack-notifier (1.5.1)
    terminal-notifier (1.8.0)
    terminal-table (1.8.0)
      unicode-display_width (~> 1.1, >= 1.1.1)
    tty-screen (0.5.0)
    uber (0.0.15)
    unf (0.1.4)
      unf_ext
    unf_ext (0.0.7.4)
    unicode-display_width (1.2.1)
    word_wrap (1.0.0)
    xcodeproj (1.5.0)
      CFPropertyList (~> 2.3.3)
      claide (>= 1.0.2, < 2.0)
      colored2 (~> 3.1)
      nanaimo (~> 0.2.3)
    xcpretty (0.2.8)
      rouge (~> 2.0.7)
    xcpretty-travis-formatter (0.0.4)
      xcpretty (~> 0.2, >= 0.0.7)

PLATFORMS
  ruby

DEPENDENCIES
  fastlane

BUNDLED WITH
   1.15.1
